GEM
  remote: https://rubygems.org/
  specs:
    coffee-script (2.3.0)
      coffee-script-source
      execjs
    coffee-script-source (1.8.0)
    couch-db (0.9.0)
      json (~> 1)
    execjs (2.2.1)
    json (1.8.2)
    json-ld (1.1.7)
      rdf (~> 1.1, >= 1.1.4)
    mini_portile (0.6.2)
    nokogiri (1.6.6.2)
      mini_portile (~> 0.6.0)
    nokogiri (1.6.6.2-x64-mingw32)
      mini_portile (~> 0.6.0)
    nokogiri (1.6.6.2-x86-mingw32)
      mini_portile (~> 0.6.0)
    rack (1.6.1)
    rack-protection (1.5.3)
      rack
    rdf (1.1.4)
    sinatra (1.4.6)
      rack (~> 1.4)
      rack-protection (~> 1.4)
      tilt (>= 1.3, < 3)
    tilt (1.4.1)
    xml-to-hash (1.0.3)
      nokogiri (~> 1, >= 1.6)

PLATFORMS
  ruby
  x64-mingw32
  x86-mingw32

DEPENDENCIES
  coffee-script (~> 2.3.0)
  couch-db (>= 0.9)
  json (~> 1.8.2)
  json-ld (~> 1.1.7)
  nokogiri (~> 1.6.6.2)
  rdf (~> 1.1.4)
  sinatra (~> 1.4.6)
  tilt (~> 1.4.1)
  xml-to-hash

BUNDLED WITH
   1.10.3
